PATH
  remote: .
  specs:
    sequel-opentracing (0.0.1)
      opentracing (~> 0.4)
      sequel

GEM
  remote: https://rubygems.org/
  specs:
    ast (2.4.0)
    database_cleaner (1.7.0)
    diff-lcs (1.3)
    jaro_winkler (1.5.2)
    opentracing (0.5.0)
    opentracing_test_tracer (0.1.1)
      opentracing
    parallel (1.17.0)
    parser (2.6.3.0)
      ast (~> 2.4.0)
    rainbow (3.0.0)
    rake (10.5.0)
    rspec (3.8.0)
      rspec-core (~> 3.8.0)
      rspec-expectations (~> 3.8.0)
      rspec-mocks (~> 3.8.0)
    rspec-core (3.8.1)
      rspec-support (~> 3.8.0)
    rspec-expectations (3.8.4)
      diff-lcs (>= 1.2.0, < 2.0)
      rspec-support (~> 3.8.0)
    rspec-mocks (3.8.1)
      diff-lcs (>= 1.2.0, < 2.0)
      rspec-support (~> 3.8.0)
    rspec-support (3.8.2)
    rubocop (0.71.0)
      jaro_winkler (~> 1.5.1)
      parallel (~> 1.10)
      parser (>= 2.6)
      rainbow (>= 2.2.2, < 4.0)
      ruby-progressbar (~> 1.7)
      unicode-display_width (>= 1.4.0, < 1.7)
    rubocop-rspec (1.33.0)
      rubocop (>= 0.60.0)
    ruby-progressbar (1.10.1)
    sequel (5.21.0)
    sqlite3 (1.4.1)
    unicode-display_width (1.6.0)

PLATFORMS
  ruby

DEPENDENCIES
  bundler (~> 1.16)
  database_cleaner (~> 1.7)
  opentracing_test_tracer (~> 0.1)
  rake (~> 10.0)
  rspec (~> 3.0)
  rubocop (~> 0.71.0)
  rubocop-rspec (~> 1.33.0)
  sequel-opentracing!
  sqlite3 (~> 1.4)

BUNDLED WITH
   1.17.3
